PATH
  remote: .
  specs:
    addressabler (0.0.5)
      addressable
      addressable (>= 2.2.2)

GEM
  remote: https://rubygems.org/
  specs:
    addressable (2.3.3)
    diff-lcs (1.2.2)
    rspec (2.13.0)
      rspec-core (~> 2.13.0)
      rspec-expectations (~> 2.13.0)
      rspec-mocks (~> 2.13.0)
    rspec-core (2.13.1)
    rspec-expectations (2.13.0)
      diff-lcs (>= 1.1.3, < 2.0)
    rspec-mocks (2.13.0)

PLATFORMS
  ruby

DEPENDENCIES
  addressabler!
  rspec (>= 2.0)
