GEM
  remote: https://rubygems.org/
  specs:
    addressable (2.3.5)

PLATFORMS
  ruby

DEPENDENCIES
  addressable (>= 2.3)
